GEM
  remote: https://rubygems.org/
  specs:
    csv (3.2.8)
    json (2.7.1)
    terminal-table (3.0.2)
      unicode-display_width (>= 1.1.1, < 3)
    unicode-display_width (2.5.0)

PLATFORMS
  ruby
  x86_64-darwin-20

DEPENDENCIES
  csv
  json
  terminal-table

BUNDLED WITH
   2.5.4
